GEM
  remote: https://rubygems.org/
  specs:
    concurrent-ruby (1.0.5)
    gitnoted (0.1.0)
      concurrent-ruby (>= 1.0.5)
      puma (~> 3.7)
      rack-cors (~> 0.4)
      redcarpet (~> 3.4)
      rugged (~> 0.25)
      sigdump (>= 0.2.4)
      sinatra (~> 1.4)
    puma (3.8.1)
    rack (1.6.5)
    rack-cors (0.4.1)
    rack-protection (1.5.3)
      rack
    redcarpet (3.4.0)
    rugged (0.25.1.1)
    sigdump (0.2.4)
    sinatra (1.4.8)
      rack (~> 1.5)
      rack-protection (~> 1.4)
      tilt (>= 1.3, < 3)
    tilt (2.0.6)

PLATFORMS
  ruby

DEPENDENCIES
  gitnoted

RUBY VERSION
   ruby 2.4.0p0

BUNDLED WITH
   1.14.6
